PATH
  remote: .
  specs:
    match_view (0.1.0)

GEM
  remote: https://rubygems.org/
  specs:
    diff-lcs (1.3)
    given_core (3.8.0)
      sorcerer (>= 0.3.7)
    rake (10.5.0)
    rspec (3.6.0)
      rspec-core (~> 3.6.0)
      rspec-expectations (~> 3.6.0)
      rspec-mocks (~> 3.6.0)
    rspec-core (3.6.0)
      rspec-support (~> 3.6.0)
    rspec-expectations (3.6.0)
      diff-lcs (>= 1.2.0, < 2.0)
      rspec-support (~> 3.6.0)
    rspec-given (3.8.0)
      given_core (= 3.8.0)
      rspec (>= 2.14.0)
    rspec-mocks (3.6.0)
      diff-lcs (>= 1.2.0, < 2.0)
      rspec-support (~> 3.6.0)
    rspec-support (3.6.0)
    sorcerer (1.0.2)

PLATFORMS
  ruby

DEPENDENCIES
  bundler (~> 1.16.a)
  match_view!
  rake (~> 10.0)
  rspec (~> 3.0)
  rspec-given (~> 3.8)

BUNDLED WITH
   1.16.0.pre.2
